GEM
  remote: https://rubygems.org/
  specs:
    addressable (2.3.8)
    airbrake (3.1.17)
      builder
      multi_json
    berkshelf (3.0.1)
      addressable (~> 2.3.4)
      berkshelf-api-client (~> 1.2)
      buff-config (~> 0.2)
      buff-extensions (~> 0.4)
      buff-shell_out (~> 0.1)
      celluloid (~> 0.16.0.pre)
      celluloid-io (~> 0.16.0.pre)
      faraday (~> 0.9.0)
      minitar (~> 0.5.4)
      octokit (~> 2.6)
      retryable (~> 1.3.3)
      ridley (~> 3.0)
      solve (~> 1.1)
      thor (~> 0.18)
    berkshelf-api-client (1.3.1)
      faraday (~> 0.9.1)
      httpclient (~> 2.6.0)
    buff-config (0.4.0)
      buff-extensions (~> 0.3)
      varia_model (~> 0.1)
    buff-extensions (0.5.0)
    buff-ignore (1.2.0)
    buff-ruby_engine (0.1.0)
    buff-shell_out (0.2.0)
      buff-ruby_engine (~> 0.1.0)
    builder (3.2.4)
    celluloid (0.16.0)
      timers (~> 4.0.0)
    celluloid-io (0.16.2)
      celluloid (>= 0.16.0)
      nio4r (>= 1.1.0)
    chunky_png (1.2.8)
    compass (0.12.2)
      chunky_png (~> 1.2)
      fssm (>= 0.2.7)
      sass (~> 3.1)
    compass-rails (1.0.3)
      compass (>= 0.12.2, < 0.14)
    connection_pool (2.2.2)
    dep-selector-libgecode (1.3.5)
    dep_selector (1.0.6)
      dep-selector-libgecode (~> 1.0)
      ffi (~> 1.9)
    dotenv (0.10.0)
    erubis (2.7.0)
    faraday (0.9.2)
      multipart-post (>= 1.2, < 3)
    ffi (1.12.2)
    foreman (0.63.0)
      dotenv (>= 0.7)
      thor (>= 0.13.6)
    fssm (0.2.10)
    geocoder (1.1.8)
    haml (4.0.3)
      tilt
    hashie (4.1.0)
    hitimes (2.0.0)
    httpclient (2.6.0.1)
    json (2.3.0)
    kgio (2.8.0)
    minitar (0.5.4)
    mixlib-authentication (3.0.6)
    multi_json (1.14.1)
    multipart-post (2.1.1)
    net-http-persistent (4.0.0)
      connection_pool (~> 2.2)
    nio4r (2.5.2)
    octokit (2.7.2)
      sawyer (~> 0.5.2)
    pg (0.15.1)
    puma (2.0.1)
      rack (>= 1.1, < 2.0)
    rack (1.6.13)
    rack-flash3 (1.0.5)
      rack
    rack-protection (1.5.0)
      rack
    raindrops (0.11.0)
    rake (10.0.4)
    retryable (1.3.6)
    ridley (3.1.0)
      addressable
      buff-config (~> 0.2)
      buff-extensions (~> 0.3)
      buff-ignore (~> 1.1)
      buff-shell_out (~> 0.1)
      celluloid (~> 0.16.0.pre)
      celluloid-io (~> 0.16.0.pre)
      erubis
      faraday (~> 0.9.0)
      hashie (>= 2.0.2)
      json (>= 1.7.7)
      mixlib-authentication (>= 1.3.0)
      net-http-persistent (>= 2.8)
      retryable
      semverse (~> 1.1)
      varia_model (~> 0.3)
    sass (3.2.9)
    sawyer (0.5.5)
      addressable (~> 2.3.5)
      faraday (~> 0.8, < 0.10)
    semverse (1.2.1)
    sequel (3.48.0)
    sinatra (1.4.2)
      rack (~> 1.5, >= 1.5.2)
      rack-protection (~> 1.4)
      tilt (~> 1.3, >= 1.3.4)
    sinatra-twitter-bootstrap (2.3.1.1)
    solve (1.2.1)
      dep_selector (~> 1.0)
      semverse (~> 1.1)
    thor (0.20.3)
    tilt (1.4.1)
    timers (4.0.4)
      hitimes
    unicorn (4.6.3)
      kgio (~> 2.6)
      rack
      raindrops (~> 0.7)
    varia_model (0.3.2)
      buff-extensions (~> 0.2)
      hashie (>= 2.0.2)

PLATFORMS
  ruby

DEPENDENCIES
  airbrake (~> 3.1.12)
  berkshelf (~> 3.0.0)
  compass-rails (~> 1.0.3)
  dotenv (~> 0.10.0)
  foreman (~> 0.63.0)
  geocoder (~> 1.1.8)
  haml
  pg (~> 0.15.1)
  puma (~> 2.0.1)
  rack-flash3
  rake (~> 10.0.4)
  sequel (~> 3.48.0)
  sinatra
  sinatra-twitter-bootstrap
  unicorn (~> 4.6.2)

BUNDLED WITH
   1.17.3
